GEM
  remote: http://rubygems.org/
  specs:
    activemodel (3.0.5)
      activesupport (= 3.0.5)
      builder (~> 2.1.2)
      i18n (~> 0.4)
    activerecord (3.0.5)
      activemodel (= 3.0.5)
      activesupport (= 3.0.5)
      arel (~> 2.0.2)
      tzinfo (~> 0.3.23)
    activesupport (3.0.5)
    arel (2.0.9)
    bcrypt-ruby (2.1.4)
    builder (2.1.2)
    daemons (1.1.0)
    eventmachine (0.12.10)
    git (1.2.5)
    haml (3.0.25)
    http_router (0.5.4)
      rack (>= 1.0.0)
      url_mount (~> 0.2.1)
    i18n (0.5.0)
    mail (2.2.15)
      activesupport (>= 2.3.6)
      i18n (>= 0.4.0)
      mime-types (~> 1.16)
      treetop (~> 1.4.8)
    mime-types (1.16)
    mysql (2.8.1)
    padrino (0.9.22)
      padrino-admin (= 0.9.22)
      padrino-cache (= 0.9.22)
      padrino-core (= 0.9.22)
      padrino-gen (= 0.9.22)
      padrino-helpers (= 0.9.22)
      padrino-mailer (= 0.9.22)
    padrino-admin (0.9.22)
      padrino-core (= 0.9.22)
      padrino-helpers (= 0.9.22)
    padrino-cache (0.9.22)
      padrino-core (= 0.9.22)
    padrino-core (0.9.22)
      activesupport (>= 3.0.0)
      http_router (~> 0.5.4)
      sinatra (~> 1.1.0)
      thor (>= 0.14.3)
      tzinfo
    padrino-gen (0.9.22)
      bundler (>= 1.0.2)
      git
      padrino-core (= 0.9.22)
    padrino-helpers (0.9.22)
      i18n (>= 0.4.1)
      padrino-core (= 0.9.22)
    padrino-mailer (0.9.22)
      mail (>= 2.2.0)
      padrino-core (= 0.9.22)
    polyglot (0.3.1)
    rack (1.2.1)
    rack-flash (0.1.1)
      rack
    rake (0.8.7)
    sinatra (1.1.3)
      rack (~> 1.1)
      tilt (< 2.0, >= 1.2.2)
    thin (1.2.8)
      daemons (>= 1.0.9)
      eventmachine (>= 0.12.6)
      rack (>= 1.0.0)
    thor (0.14.6)
    tilt (1.2.2)
    treetop (1.4.9)
      polyglot (>= 0.3.1)
    tzinfo (0.3.24)
    url_mount (0.2.1)
      rack

PLATFORMS
  ruby

DEPENDENCIES
  activerecord
  bcrypt-ruby
  haml
  mysql
  padrino (= 0.9.22)
  rack-flash
  rake
  thin
